GEM
  remote: https://gems.ruby-china.com/
  specs:
    activemodel (5.2.4.5)
      activesupport (= 5.2.4.5)
    activerecord (5.2.4.5)
      activemodel (= 5.2.4.5)
      activesupport (= 5.2.4.5)
      arel (>= 9.0)
    activesupport (5.2.4.5)
      concurrent-ruby (~> 1.0, >= 1.0.2)
      i18n (>= 0.7, < 2)
      minitest (~> 5.1)
      tzinfo (~> 1.1)
    arel (9.0.0)
    concurrent-ruby (1.1.8)
    curses (1.2.4)
    highline (1.7.10)
    i18n (1.8.10)
      concurrent-ruby (~> 1.0)
    minitest (5.14.4)
    mysql2 (0.5.2)
    net-sftp (2.1.2)
      net-ssh (>= 2.6.5)
    net-ssh (4.2.0)
    options (2.3.2)
    progress_bar (1.2.0)
      highline (~> 1.6)
      options (~> 2.3.0)
    thread_safe (0.3.6)
    tzinfo (1.2.9)
      thread_safe (~> 0.1)
    wxl_console (0.1.0)
    wxl_process_bar (1.1.2)

PLATFORMS
  x86_64-linux

DEPENDENCIES
  activerecord (= 5.2.4.5)
  curses (= 1.2.4)
  mysql2 (= 0.5.2)
  net-sftp (= 2.1.2)
  net-ssh (= 4.2.0)
  progress_bar (= 1.2.0)
  wxl_console (= 0.1.0)
  wxl_process_bar (= 1.1.2)

BUNDLED WITH
   2.2.15
