GEM
  remote: https://gems.ruby-china.com/
  specs:
    activemodel (6.1.7.1)
      activesupport (= 6.1.7.1)
    activerecord (6.1.7.1)
      activemodel (= 6.1.7.1)
      activesupport (= 6.1.7.1)
    activesupport (6.1.7.1)
      concurrent-ruby (~> 1.0, >= 1.0.2)
      i18n (>= 1.6, < 2)
      minitest (>= 5.1)
      tzinfo (~> 2.0)
      zeitwerk (~> 2.3)
    concurrent-ruby (1.1.10)
    curses (1.2.4)
    highline (1.7.10)
    i18n (1.12.0)
      concurrent-ruby (~> 1.0)
    minitest (5.17.0)
    mysql2 (0.5.2)
    net-sftp (2.1.2)
      net-ssh (>= 2.6.5)
    net-ssh (4.2.0)
    options (2.3.2)
    progress_bar (1.2.0)
      highline (~> 1.6)
      options (~> 2.3.0)
    tzinfo (2.0.5)
      concurrent-ruby (~> 1.0)
    wxl_console (0.1.0)
    wxl_process_bar (1.1.2)
    zeitwerk (2.6.6)

PLATFORMS
  x86_64-linux

DEPENDENCIES
  activerecord (= 6.1.7.1)
  curses (= 1.2.4)
  mysql2 (= 0.5.2)
  net-sftp (= 2.1.2)
  net-ssh (= 4.2.0)
  progress_bar (= 1.2.0)
  wxl_console (= 0.1.0)
  wxl_process_bar (= 1.1.2)

BUNDLED WITH
   2.2.15
