GEM
  remote: https://gems.ruby-china.com/
  specs:
    activemodel (5.2.1)
      activesupport (= 5.2.1)
    activerecord (5.2.1)
      activemodel (= 5.2.1)
      activesupport (= 5.2.1)
      arel (>= 9.0)
    activesupport (5.2.1)
      concurrent-ruby (~> 1.0, >= 1.0.2)
      i18n (>= 0.7, < 2)
      minitest (~> 5.1)
      tzinfo (~> 1.1)
    arel (9.0.0)
    concurrent-ruby (1.1.4)
    curses (1.2.4)
    highline (1.7.10)
    i18n (1.5.3)
      concurrent-ruby (~> 1.0)
    minitest (5.11.3)
    net-ssh (4.2.0)
    options (2.3.2)
    progress_bar (1.2.0)
      highline (~> 1.6)
      options (~> 2.3.0)
    thread_safe (0.3.6)
    tzinfo (1.2.5)
      thread_safe (~> 0.1)
    wxl_console (0.1.0)
    wxl_process_bar (1.1.2)

PLATFORMS
  ruby

DEPENDENCIES
  activerecord (= 5.2.1)
  curses (= 1.2.4)
  net-ssh (= 4.2.0)
  progress_bar (= 1.2.0)
  wxl_console (= 0.1.0)
  wxl_process_bar (= 1.1.2)

BUNDLED WITH
   1.16.1
